PATH
  remote: .
  specs:
    shairport_metadata (0.1.0)
      miro
      mqtt
      wisper

GEM
  remote: https://rubygems.org/
  specs:
    chunky_png (1.3.15)
    climate_control (0.2.0)
    cocaine (0.6.0)
      terrapin (= 0.6.0)
    coderay (1.1.3)
    color (1.8)
    diff-lcs (1.5.1)
    method_source (1.1.0)
    miro (0.4.0)
      chunky_png
      cocaine
      color
      oily_png
    mqtt (0.6.0)
    oily_png (1.2.1)
      chunky_png (~> 1.3.7)
    pry (0.14.2)
      coderay (~> 1.1)
      method_source (~> 1.0)
    rake (13.2.1)
    rspec (3.13.0)
      rspec-core (~> 3.13.0)
      rspec-expectations (~> 3.13.0)
      rspec-mocks (~> 3.13.0)
    rspec-core (3.13.1)
      rspec-support (~> 3.13.0)
    rspec-expectations (3.13.3)
      diff-lcs (>= 1.2.0, < 2.0)
      rspec-support (~> 3.13.0)
    rspec-mocks (3.13.2)
      diff-lcs (>= 1.2.0, < 2.0)
      rspec-support (~> 3.13.0)
    rspec-support (3.13.1)
    terrapin (0.6.0)
      climate_control (>= 0.0.3, < 1.0)
    wisper (3.0.0)

PLATFORMS
  x86_64-linux

DEPENDENCIES
  pry
  rake (~> 13.0)
  rspec (~> 3.0)
  shairport_metadata!

BUNDLED WITH
   2.4.14
